GEM
  remote: https://rubygems.org/
  specs:
    minitest (5.10.2)
    rake (12.0.0)
    stamp (0.6.0)

PLATFORMS
  ruby

DEPENDENCIES
  minitest (~> 5.10)
  rake
  stamp (~> 0.6)

RUBY VERSION
   ruby 2.4.0p0

BUNDLED WITH
   1.15.1
